GIT
  remote: git://github.com/hspec/pygments.rb.git
  revision: aa9d3ef47029276ac585f1070ce853541bc0954f
  tag: v1.1.2-hspec
  specs:
    pygments.rb (1.1.2)
      multi_json (>= 1.0.0)

GIT
  remote: git://github.com/sfi0zy/jekyll-less.git
  revision: ef28fd77dfa18f6b23024622abd3238ed6b1f9ad
  specs:
    jekyll-less (0.1.0)
      jekyll (>= 0.10.0)
      less (>= 2.0.5)

GEM
  remote: https://rubygems.org/
  specs:
    RedCloth (4.3.2)
    addressable (2.5.0)
      public_suffix (~> 2.0, >= 2.0.2)
    colorator (1.1.0)
    commonjs (0.2.7)
    ffi (1.9.24)
    forwardable-extended (2.6.0)
    jekyll (3.4.1)
      addressable (~> 2.4)
      colorator (~> 1.0)
      jekyll-sass-converter (~> 1.0)
      jekyll-watch (~> 1.1)
      kramdown (~> 1.3)
      liquid (~> 3.0)
      mercenary (~> 0.3.3)
      pathutil (~> 0.9)
      rouge (~> 1.7)
      safe_yaml (~> 1.0)
    jekyll-sass-converter (1.5.0)
      sass (~> 3.4)
    jekyll-watch (1.5.0)
      listen (~> 3.0, < 3.1)
    kramdown (1.13.2)
    less (2.6.0)
      commonjs (~> 0.2.7)
    libv8 (3.16.14.17)
    liquid (3.0.6)
    listen (3.0.8)
      rb-fsevent (~> 0.9, >= 0.9.4)
      rb-inotify (~> 0.9, >= 0.9.7)
    mercenary (0.3.6)
    multi_json (1.12.1)
    pathutil (0.14.0)
      forwardable-extended (~> 2.6)
    public_suffix (2.0.5)
    rb-fsevent (0.9.8)
    rb-inotify (0.9.8)
      ffi (>= 0.5.0)
    redcarpet (3.4.0)
    ref (2.0.0)
    rouge (1.11.1)
    safe_yaml (1.0.4)
    sass (3.4.23)
    therubyracer (0.12.3)
      libv8 (~> 3.16.14.15)
      ref

PLATFORMS
  ruby

DEPENDENCIES
  RedCloth
  jekyll
  jekyll-less!
  pygments.rb!
  redcarpet
  therubyracer

BUNDLED WITH
   1.17.3
